GIT
  remote: git://github.com/dariocravero/padrino-websockets.git
  revision: 23c109b35ca4afdee594a0bb0ae84f80d5276c43
  branch: noping
  specs:
    padrino-websockets (0.1.0)

GIT
  remote: git://github.com/padrino/padrino-framework.git
  revision: 4c6e668c1647acf02113e638df403388fd44be3f
  specs:
    padrino (0.13.0.rc1)
      padrino-admin (= 0.13.0.rc1)
      padrino-cache (= 0.13.0.rc1)
      padrino-core (= 0.13.0.rc1)
      padrino-gen (= 0.13.0.rc1)
      padrino-helpers (= 0.13.0.rc1)
      padrino-mailer (= 0.13.0.rc1)
      padrino-support (= 0.13.0.rc1)
    padrino-admin (0.13.0.rc1)
      padrino-core (= 0.13.0.rc1)
      padrino-helpers (= 0.13.0.rc1)
    padrino-cache (0.13.0.rc1)
      moneta (~> 0.7.0)
      padrino-core (= 0.13.0.rc1)
      padrino-helpers (= 0.13.0.rc1)
    padrino-core (0.13.0.rc1)
      activesupport (>= 3.1)
      mustermann19
      padrino-support (= 0.13.0.rc1)
      rack-protection (>= 1.5.0)
      sinatra (~> 1.4.2)
      thor (~> 0.18)
    padrino-gen (0.13.0.rc1)
      bundler (~> 1.0)
      padrino-core (= 0.13.0.rc1)
    padrino-helpers (0.13.0.rc1)
      i18n (~> 0.6, >= 0.6.7)
      padrino-support (= 0.13.0.rc1)
      tilt (~> 1.4.1)
    padrino-mailer (0.13.0.rc1)
      mail (~> 2.5.3)
      padrino-core (= 0.13.0.rc1)
    padrino-support (0.13.0.rc1)
      activesupport (>= 3.1)

PATH
  remote: ../storyful-messages-lib
  specs:
    storyful-messages-lib (0.0.1)

GEM
  remote: https://rubygems.org/
  specs:
    activesupport (4.1.8)
      i18n (~> 0.6, >= 0.6.9)
      json (~> 1.7, >= 1.7.7)
      minitest (~> 5.1)
      thread_safe (~> 0.1)
      tzinfo (~> 1.1)
    addressable (2.3.6)
    bisect (0.1)
    coderay (1.1.0)
    cookiejar (0.3.2)
    enumerable-lazy (0.0.1)
    ffi (1.9.6)
    ffi-compiler (0.1.3)
      ffi (>= 1.0.0)
      rake
    http-parser (1.0.5)
      ffi-compiler (>= 0.0.2)
      rake
    i18n (0.6.11)
    ipaddress (0.8.0)
    json (1.8.1)
    libuv (1.1.1)
      ffi (>= 1.9)
      ruby-tls (>= 1.0.3)
      thread_safe
    mail (2.5.4)
      mime-types (~> 1.16)
      treetop (~> 1.4.8)
    method_source (0.8.2)
    mime-types (1.25.1)
    minitest (5.4.3)
    moneta (0.7.20)
    mustermann19 (0.4.0)
      enumerable-lazy
    oj (2.11.1)
    polyglot (0.3.5)
    pry (0.10.1)
      coderay (~> 1.1.0)
      method_source (~> 0.8.1)
      slop (~> 3.4)
    rabl (0.11.5)
      activesupport (>= 2.3.14)
    rack (1.5.2)
    rack-protection (1.5.3)
      rack
    radix (2.2.0)
    rake (10.4.2)
    ruby-tls (1.0.3)
      ffi-compiler (>= 0.0.2)
      rake
    sinatra (1.4.5)
      rack (~> 1.4)
      rack-protection (~> 1.4)
      tilt (~> 1.3, >= 1.3.4)
    slim (2.1.0)
      temple (~> 0.6.9)
      tilt (>= 1.3.3, < 2.1)
    slop (3.6.0)
    spider-gazelle (1.0.3)
      http-parser
      libuv (>= 1.0.0)
      rack (>= 1.0.0)
      radix
      rake
      thread_safe
      websocket-driver
    temple (0.6.10)
    thor (0.19.1)
    thread_safe (0.3.4)
    tilt (1.4.1)
    treetop (1.4.15)
      polyglot
      polyglot (>= 0.3.1)
    tzinfo (1.2.2)
      thread_safe (~> 0.1)
    uv-rays (1.0.2)
      addressable
      bisect
      cookiejar
      http-parser (>= 1.0.4)
      ipaddress
      libuv (>= 0.11.20)
      tzinfo
    websocket-driver (0.4.0)

PLATFORMS
  ruby

DEPENDENCIES
  oj
  padrino!
  padrino-websockets!
  pry
  rabl
  rake
  slim
  spider-gazelle
  storyful-messages-lib!
  uv-rays
